GEM
  remote: https://rubygems.org/
  specs:
    erubis (2.7.0)
    msgpack (1.3.3)
    multi_json (1.14.1)
    neovim (0.8.1)
      msgpack (~> 1.1)
      multi_json (~> 1.0)
    thor (1.0.1)
    tmuxinator (2.0.1)
      erubis (~> 2.6)
      thor (~> 1.0)
      xdg (~> 2.2, >= 2.2.5)
    xdg (2.2.5)

PLATFORMS
  ruby

DEPENDENCIES
  neovim
  tmuxinator

BUNDLED WITH
   2.1.4
